PATH
  remote: .
  specs:
    DeadCode (0.0.1)

GEM
  remote: http://rubygems.org/
  specs:
    rake (0.9.2)

PLATFORMS
  ruby

DEPENDENCIES
  DeadCode!
  bundler
  rake
